GEM
  remote: https://rubygems.org/
  specs:
    sqlite3 (2.5.0-x86_64-linux-gnu)

PLATFORMS
  x86_64-linux

DEPENDENCIES
  sqlite3

BUNDLED WITH
   2.4.10
